GEM
  remote: https://rubygems.org/
  specs:
    activemodel (4.0.3)
      activesupport (= 4.0.3)
      builder (~> 3.1.0)
    activerecord (4.0.3)
      activemodel (= 4.0.3)
      activerecord-deprecated_finders (~> 1.0.2)
      activesupport (= 4.0.3)
      arel (~> 4.0.0)
    activerecord-deprecated_finders (1.0.3)
    activesupport (4.0.3)
      i18n (~> 0.6, >= 0.6.4)
      minitest (~> 4.2)
      multi_json (~> 1.3)
      thread_safe (~> 0.1)
      tzinfo (~> 0.3.37)
    arel (4.0.2)
    atomic (1.1.14)
    bcrypt (3.1.7)
    bcrypt-ruby (3.1.2)
    bond (0.4.3)
    builder (3.1.4)
    capybara (2.1.0)
      mime-types (>= 1.16)
      nokogiri (>= 1.3.3)
      rack (>= 1.0.0)
      rack-test (>= 0.5.4)
      xpath (~> 2.0)
    celluloid (0.15.2)
      timers (~> 1.1.0)
    coderay (1.1.0)
    columnize (0.3.6)
    connection_pool (1.2.0)
    cucumber (1.3.10)
      builder (>= 2.1.2)
      diff-lcs (>= 1.1.3)
      gherkin (~> 2.12)
      multi_json (>= 1.7.5, < 2.0)
      multi_test (>= 0.0.2)
    cucumber-sinatra (0.5.0)
      templater (>= 1.0.0)
    database_cleaner (1.2.0)
    debugger (1.6.5)
      columnize (>= 0.3.1)
      debugger-linecache (~> 1.2.0)
      debugger-ruby_core_source (~> 1.3.1)
    debugger-linecache (1.2.0)
    debugger-ruby_core_source (1.3.2)
    diff-lcs (1.2.5)
    eventmachine (1.0.3)
    extlib (0.9.16)
    factory_girl (4.4.0)
      activesupport (>= 3.0.0)
    faker (1.2.0)
      i18n (~> 0.5)
    faye-websocket (0.7.2)
      eventmachine (>= 0.12.0)
      websocket-driver (>= 0.3.1)
    gherkin (2.12.2)
      multi_json (~> 1.3)
    highline (1.6.21)
    i18n (0.6.9)
    json (1.8.1)
    jwt (0.1.11)
      multi_json (>= 1.5)
    mail (2.5.4)
      mime-types (~> 1.16)
      treetop (~> 1.4.8)
    method_source (0.8.2)
    mime-types (1.25.1)
    mini_portile (0.5.2)
    minitest (4.7.5)
    multi_json (1.8.4)
    multi_test (0.0.3)
    nokogiri (1.6.1)
      mini_portile (~> 0.5.0)
    pg (0.17.1)
    polyglot (0.3.4)
    pry (0.9.12.6)
      coderay (~> 1.0)
      method_source (~> 0.8)
      slop (~> 3.4)
    puma (2.6.0)
      rack (>= 1.1, < 2.0)
    rack (1.5.2)
    rack-protection (1.5.2)
      rack
    rack-test (0.6.2)
      rack (>= 1.0)
    rake (10.1.1)
    redis (3.0.7)
    redis-namespace (1.4.1)
      redis (~> 3.0.4)
    resque (1.22.0)
      multi_json (~> 1.0)
      redis-namespace (~> 1.0)
      sinatra (>= 0.9.2)
      vegas (~> 0.1.2)
    ripl (0.7.0)
      bond (~> 0.4.2)
    ripl-multi_line (0.3.1)
      ripl (>= 0.3.6)
    ripl-rack (0.2.1)
      rack (>= 1.0)
      rack-test (~> 0.6.2)
      ripl (>= 0.7.0)
    rspec (2.14.1)
      rspec-core (~> 2.14.0)
      rspec-expectations (~> 2.14.0)
      rspec-mocks (~> 2.14.0)
    rspec-core (2.14.7)
    rspec-expectations (2.14.5)
      diff-lcs (>= 1.1.3, < 2.0)
    rspec-mocks (2.14.5)
    shotgun (0.9)
      rack (>= 1.0)
    sidekiq (2.17.7)
      celluloid (>= 0.15.2)
      connection_pool (>= 1.0.0)
      json
      redis (>= 3.0.6)
      redis-namespace (>= 1.3.1)
    simplecov (0.7.1)
      multi_json (~> 1.0)
      simplecov-html (~> 0.7.1)
    simplecov-html (0.7.1)
    sinatra (1.4.4)
      rack (~> 1.4)
      rack-protection (~> 1.4)
      tilt (~> 1.3, >= 1.3.4)
    sinatra-activerecord (1.3.0)
      activerecord (>= 3.0)
      sinatra (~> 1.0)
    sinatra-flash (0.3.0)
      sinatra (>= 1.0.0)
    slop (3.4.7)
    sqlite3 (1.3.9)
    templater (1.0.0)
      diff-lcs (>= 1.1.2)
      extlib (>= 0.9.5)
      highline (>= 1.4.0)
    thread_safe (0.1.3)
      atomic
    tilt (1.4.1)
    timers (1.1.0)
    treetop (1.4.15)
      polyglot
      polyglot (>= 0.3.1)
    tux (0.3.0)
      ripl (>= 0.3.5)
      ripl-multi_line (>= 0.2.4)
      ripl-rack (>= 0.2.0)
      sinatra (>= 1.2.1)
    twilio-ruby (3.11.5)
      builder (>= 2.1.2)
      jwt (>= 0.1.2)
      multi_json (>= 1.3.0)
    tzinfo (0.3.38)
    vegas (0.1.11)
      rack (>= 1.0.0)
    websocket-driver (0.3.2)
    xpath (2.0.0)
      nokogiri (~> 1.3)

PLATFORMS
  ruby

DEPENDENCIES
  activerecord
  bcrypt (~> 3.1.7)
  bcrypt-ruby
  capybara
  cucumber
  cucumber-sinatra
  database_cleaner
  debugger
  factory_girl
  faker
  faye-websocket
  mail
  pg
  pry
  puma
  rake
  redis
  resque (~> 1.22.0)
  rspec
  shotgun
  sidekiq
  simplecov
  sinatra
  sinatra-activerecord
  sinatra-flash
  sqlite3
  tux
  twilio-ruby
